GEM
  remote: http://rubygems.org/
  specs:
    Platform (0.4.0)
    archive-tar-minitar (0.5.2)
    builder (3.0.0)
    childprocess (0.3.2)
      ffi (~> 1.0.6)
    cucumber (1.2.1)
      builder (>= 2.1.2)
      diff-lcs (>= 1.1.3)
      gherkin (~> 2.11.0)
      json (>= 1.4.6)
    diff-lcs (1.1.3)
    erubis (2.7.0)
    ffi (1.0.11)
    gherkin (2.11.0)
      json (>= 1.4.6)
    highline (1.6.13)
    i18n (0.6.0)
    json (1.5.4)
    log4r (1.1.10)
    net-scp (1.0.4)
      net-ssh (>= 1.99.1)
    net-ssh (2.2.2)
    open4 (1.3.0)
    popen4 (0.1.2)
      Platform (>= 0.4.0)
      open4 (>= 0.4.0)
    progressbar (0.11.0)
    rspec (2.10.0)
      rspec-core (~> 2.10.0)
      rspec-expectations (~> 2.10.0)
      rspec-mocks (~> 2.10.0)
    rspec-core (2.10.1)
    rspec-expectations (2.10.0)
      diff-lcs (~> 1.1.3)
    rspec-mocks (2.10.1)
    thor (0.14.6)
    vagrant (1.0.3)
      archive-tar-minitar (= 0.5.2)
      childprocess (~> 0.3.1)
      erubis (~> 2.7.0)
      i18n (~> 0.6.0)
      json (~> 1.5.1)
      log4r (~> 1.1.9)
      net-scp (~> 1.0.4)
      net-ssh (~> 2.2.2)
    veewee (0.2.3)
      cucumber (>= 1.0.0)
      highline (~> 1.6.1)
      net-ssh (>= 2.1.0)
      popen4 (~> 0.1.2)
      progressbar
      rspec (~> 2.5)
      thor (~> 0.14.6)
      vagrant (>= 0.9.0)
      virtualbox (>= 0.9.2)
    virtualbox (0.9.2)
      ffi (~> 1.0.9)

PLATFORMS
  ruby

DEPENDENCIES
  vagrant (= 1.0.3)
  veewee (= 0.2.3)
